GEM
  remote: http://rubygems.org/
  specs:
    backports (3.15.0)
    concurrent-ruby (1.1.5)
    haml (5.1.1)
      temple (>= 0.8.0)
      tilt
    i18n (1.6.0)
      concurrent-ruby (~> 1.0)
    multi_json (1.13.1)
    mustermann (1.0.3)
    rack (2.0.7)
    rack-flash3 (1.0.5)
      rack
    rack-protection (2.0.5)
      rack
    sequel (5.22.0)
    sinatra (2.0.5)
      mustermann (~> 1.0)
      rack (~> 2.0)
      rack-protection (= 2.0.5)
      tilt (~> 2.0)
    sinatra-contrib (2.0.5)
      backports (>= 2.8.2)
      multi_json
      mustermann (~> 1.0)
      rack-protection (= 2.0.5)
      sinatra (= 2.0.5)
      tilt (>= 1.3, < 3)
    sqlite3 (1.4.1)
    temple (0.8.1)
    tilt (2.0.9)

PLATFORMS
  ruby

DEPENDENCIES
  haml
  i18n
  rack-flash3 (= 1.0.5)
  rack-protection (= 2.0.5)
  sequel (= 5.22.0)
  sinatra (= 2.0.5)
  sinatra-contrib (= 2.0.5)
  sqlite3

BUNDLED WITH
   1.17.3
